GEM
  remote: https://rubygems.org/
  specs:
    colorize (0.8.1)
    dotenv (2.7.5)
    dotenv-ios (0.1.2)
      colorize (~> 0.8, >= 0.8.1)
      dotenv (~> 2.7, >= 2.7.5)
    fastlane-plugin-firebase_app_distribution (0.1.4)

PLATFORMS
  ruby

DEPENDENCIES
  dotenv
  dotenv-ios (~> 0.1.2)
  fastlane-plugin-firebase_app_distribution

BUNDLED WITH
   1.17.3
